GEM
  remote: http://rubygems.org/
  specs:
    activesupport (3.0.1)
    compass (0.10.6)
      haml (>= 3.0.4)
    haml (3.0.25)
    html5-boilerplate (0.3.2)
      compass (>= 0.10.0)
    i18n (0.4.2)
    maruku (0.6.0)
      syntax (>= 1.0.0)
    rack (1.2.1)
    serve (1.0.0)
      activesupport (~> 3.0.1)
      i18n (~> 0.4.1)
      rack (~> 1.2.1)
      tzinfo (~> 0.3.23)
    slim (0.9.2)
      temple (~> 0.2.0)
      tilt (~> 1.2)
    syntax (1.0.0)
    temple (0.2.0)
    tilt (1.2.2)
    tzinfo (0.3.23)

PLATFORMS
  ruby

DEPENDENCIES
  compass
  haml
  html5-boilerplate
  i18n
  maruku (>= 0.6.0)
  serve (>= 1.0.0)
  slim
